PATH
  remote: .
  specs:
    rails_crasher (0.1.0)

GEM
  remote: https://rubygems.org/
  specs:
    rake (10.5.0)
    rake-compiler (1.1.0)
      rake

PLATFORMS
  ruby

DEPENDENCIES
  bundler (~> 1.17)
  rails_crasher!
  rake (~> 10.0)
  rake-compiler

BUNDLED WITH
   1.17.2
